GEM
  remote: http://rubygems.org/
  specs:
    Ascii85 (1.0.1)
    atk (1.1.3)
      glib2 (>= 1.1.3)
    cairo (1.12.1)
      pkg-config
    gdk_pixbuf2 (1.1.3)
      glib2 (>= 1.1.3)
    glib2 (1.1.3)
      pkg-config
    gtk2 (1.1.3)
      atk (>= 1.1.3)
      gdk_pixbuf2 (>= 1.1.3)
      pango (>= 1.1.3)
    pango (1.1.3)
      cairo (>= 1.10.0)
      glib2 (>= 1.1.3)
    pdf-reader (1.1.1)
      Ascii85 (~> 1.0.0)
      ruby-rc4
    pkg-config (1.1.3)
    prawn (0.12.0)
      pdf-reader (>= 0.9.0)
      ttfunk (~> 1.0.2)
    require_all (1.2.1)
    ruby-rc4 (0.1.5)
    ttfunk (1.0.3)
    vrlib (0.0.31)
      require_all (>= 1.2.1)

PLATFORMS
  ruby

DEPENDENCIES
  gtk2
  prawn
  require_all
  vrlib
